PATH
  remote: .
  specs:
    neco (0.2.0)

GEM
  remote: https://rubygems.org/
  specs:
    ast (2.4.2)
    coderay (1.1.3)
    method_source (1.0.0)
    minitest (5.14.3)
    parallel (1.20.1)
    parser (3.0.0.0)
      ast (~> 2.4.1)
    pry (0.13.1)
      coderay (~> 1.1)
      method_source (~> 1.0)
    rainbow (3.0.0)
    rake (13.0.3)
    regexp_parser (2.0.3)
    rexml (3.2.4)
    rubocop (1.9.0)
      parallel (~> 1.10)
      parser (>= 3.0.0.0)
      rainbow (>= 2.2.2, < 4.0)
      regexp_parser (>= 1.8, < 3.0)
      rexml
      rubocop-ast (>= 1.2.0, < 2.0)
      ruby-progressbar (~> 1.7)
      unicode-display_width (>= 1.4.0, < 3.0)
    rubocop-ast (1.4.1)
      parser (>= 2.7.1.5)
    ruby-progressbar (1.11.0)
    unicode-display_width (2.0.0)

PLATFORMS
  ruby

DEPENDENCIES
  bundler (~> 2.0)
  minitest (~> 5.0)
  neco!
  pry (>= 0.12.2)
  rake (~> 13.0)
  rubocop (>= 0.70.0)

BUNDLED WITH
   2.0.1
